{
	"Modality": "MR",
	"MagneticFieldStrength": 6.98,
	"ImagingFrequency": 296.606996,
	"Manufacturer": "Siemens",
	"ManufacturersModelName": "Investigational_Device_7T",
	"InstitutionName": "CMRR 7T/PS",
	"InstitutionalDepartmentName": "CMRR",
	"InstitutionAddress": "6th Street SE 2021,Minneapolis/23c034/,Chicago,US,55455",
	"DeviceSerialNumber": "18912",
	"StationName": "SEPTET",
	"PatientPosition": "HFS",
	"ProcedureStepDescription": "Michelle^auditory",
	"SoftwareVersions": "syngo MR B17",
	"MRAcquisitionType": "2D",
	"SeriesDescription": "gre_field_mapping_AP",
	"ProtocolName": "gre_field_mapping_AP",
	"ScanningSequence": "GR",
	"SequenceVariant": "SP",
	"ScanOptions": "PFP",
	"SequenceName": "fm2d2r",
	"ImageType": ["ORIGINAL", "PRIMARY", "M", "ND"],
	"NonlinearGradientCorrection": false,
	"SeriesNumber": 30,
	"AcquisitionTime": "19:18:2.045000",
	"AcquisitionNumber": 1,
	"SliceThickness": 2,
	"SpacingBetweenSlices": 2,
	"SAR": 0.00616096,
	"EchoNumber": 1,
	"EchoTime": 0.00408,
	"RepetitionTime": 1,
	"FlipAngle": 53,
	"PartialFourier": 0.75,
	"BaseResolution": 104,
	"ShimSetting": [
		-59,
		224,
		-16,
		1392,
		182,
		-133,
		103,
		-100	],
	"TxRefAmp": 50,
	"PhaseResolution": 1,
	"ReceiveCoilName": "Olmanator_32",
	"CoilString": "C:O32",
	"PulseSequenceDetails": "%SiemensSeq%\\gre_field_mapping",
	"CoilCombinationMethod": "Adaptive Combine",
	"MatrixCoilMode": "SENSE",
	"PercentPhaseFOV": 100,
	"PercentSampling": 100,
	"PhaseEncodingSteps": 78,
	"AcquisitionMatrixPE": 104,
	"ReconMatrixPE": 104,
	"PixelBandwidth": 332,
	"DwellTime": 1.45e-05,
	"PhaseEncodingDirection": "i",
	"SliceTiming": [
		0,
		0.51562,
		0.01562,
		0.53125,
		0.03125,
		0.54688,
		0.04688,
		0.5625,
		0.0625,
		0.57812,
		0.07812,
		0.59375,
		0.09375,
		0.60938,
		0.10938,
		0.625,
		0.125,
		0.64062,
		0.14062,
		0.65625,
		0.15625,
		0.67188,
		0.17188,
		0.6875,
		0.1875,
		0.70312,
		0.20312,
		0.71875,
		0.21875,
		0.73438,
		0.23438,
		0.75,
		0.25,
		0.76562,
		0.26562,
		0.78125,
		0.28125,
		0.79688,
		0.29688,
		0.8125,
		0.3125,
		0.82812,
		0.32812,
		0.84375,
		0.34375,
		0.85938,
		0.35938,
		0.875,
		0.375,
		0.89062,
		0.39062,
		0.90625,
		0.40625,
		0.92188,
		0.42188,
		0.9375,
		0.45312,
		0.95312,
		0.45312,
		0.96875,
		0.48438,
		0.98438,
		0.5	],
	"ImageOrientationPatientDICOM": [
		0,
		1,
		0,
		0,
		0,
		-1	],
	"ImageOrientationText": "Sag",
	"InPlanePhaseEncodingDirectionDICOM": "ROW",
	"ConversionSoftware": "dcm2niix",
	"ConversionSoftwareVersion": "v1.0.20230411"
}
