{
    "Modality": "MR",
    "MagneticFieldStrength": 6.98,
    "ImagingFrequency": 296.609663,
    "Manufacturer": "Siemens",
    "ManufacturersModelName": "Investigational_Device_7T",
    "InstitutionName": "CMRR 7T/PS",
    "InstitutionalDepartmentName": "CMRR",
    "InstitutionAddress": "6th Street SE 2021,Minneapolis/23c034/,Chicago,US,55455",
    "DeviceSerialNumber": "18912",
    "StationName": "SEPTET",
    "PatientPosition": "HFS",
    "ProcedureStepDescription": "Michelle^auditory",
    "SoftwareVersions": "syngo MR B17",
    "MRAcquisitionType": "2D",
    "SeriesDescription": "eja_ep2d_bold_pt8mm_ipat3_mb2_AP_run4_SBRef",
    "ProtocolName": "eja_ep2d_bold_pt8mm_ipat3_mb2_AP_run4",
    "ScanningSequence": "EP",
    "SequenceVariant": "SK\\SS",
    "ScanOptions": "PFP\\FS",
    "SequenceName": "epfid2d1_232",
    "ImageType": [
        "ORIGINAL",
        "PRIMARY",
        "M",
        "ND",
        "MOSAIC"
    ],
    "NonlinearGradientCorrection": false,
    "SeriesNumber": 12,
    "AcquisitionTime": "15:14:51.542500",
    "AcquisitionNumber": 1,
    "ImageComments": "Single-band reference",
    "SliceThickness": 0.8,
    "SpacingBetweenSlices": 0.8,
    "SAR": 0.00593744,
    "EchoTime": 0.0228,
    "RepetitionTime": 2.4,
    "FlipAngle": 90,
    "PartialFourier": 0.75,
    "BaseResolution": 256,
    "ShimSetting": [
        -84,
        76,
        99,
        2187,
        174,
        -10,
        -129,
        -90
    ],
    "DelayTime": 1.2,
    "TxRefAmp": 50,
    "PhaseResolution": 1,
    "ReceiveCoilName": "Olmanator_32",
    "CoilString": "C:O32",
    "PulseSequenceDetails": "%CustomerSeq%\\eja_ep2d_bold",
    "RefLinesPE": 48,
    "CoilCombinationMethod": "Sum of Squares",
    "MatrixCoilMode": "GRAPPA",
    "PercentPhaseFOV": 90.625,
    "PercentSampling": 100,
    "PhaseEncodingSteps": 173,
    "AcquisitionMatrixPE": 232,
    "ReconMatrixPE": 232,
    "BandwidthPerPixelPhaseEncode": 15.964,
    "ParallelReductionFactorInPlane": 3,
    "EffectiveEchoSpacing": 0.000270004,
    "DerivedVendorReportedEchoSpacing": 0.000810012,
    "TotalReadoutTime": 0.0623709,
    "PixelBandwidth": 1502,
    "DwellTime": 1.3e-06,
    "PhaseEncodingDirection": "j-",
    "SliceTiming": [
        0,
        0.87,
        0.5375,
        0.2025,
        1.0725,
        0.7375,
        0.4025,
        0.0675,
        0.9375,
        0.6025,
        0.2675,
        1.1375,
        0.805,
        0.47,
        0.135,
        1.005,
        0.67,
        0.335,
        2.41,
        3.28,
        2.945,
        2.6125,
        3.4825,
        3.1475,
        2.8125,
        2.4775,
        3.3475,
        3.0125,
        2.6775,
        3.5475,
        3.2125,
        2.88,
        2.545,
        3.415,
        3.08,
        2.745
    ],
    "ImageOrientationPatientDICOM": [
        1,
        0,
        0,
        0,
        0.998027,
        -0.0627905
    ],
    "ImageOrientationText": "Tra>Cor(-3.6)",
    "InPlanePhaseEncodingDirectionDICOM": "COL",
    "ConversionSoftware": "dcm2niix",
    "ConversionSoftwareVersion": "v1.0.20230411",
    "TaskName": "auditory"
}