{
	"Modality": "MR",
	"MagneticFieldStrength": 6.98,
	"ImagingFrequency": 296.609776,
	"Manufacturer": "Siemens",
	"ManufacturersModelName": "Investigational_Device_7T",
	"InstitutionName": "CMRR 7T/PS",
	"InstitutionalDepartmentName": "CMRR",
	"InstitutionAddress": "6th Street SE 2021,Minneapolis/23c034/,Chicago,US,55455",
	"DeviceSerialNumber": "18912",
	"StationName": "SEPTET",
	"PatientPosition": "HFS",
	"ProcedureStepDescription": "Michelle^auditory",
	"SoftwareVersions": "syngo MR B17",
	"MRAcquisitionType": "3D",
	"SeriesDescription": "eja_tfl_1contrast_pt6iso_pd",
	"ProtocolName": "eja_tfl_1contrast_pt6iso_pd",
	"ScanningSequence": "GR",
	"SequenceVariant": "SP",
	"ScanOptions": "PFP",
	"SequenceName": "tfl3d1_ns",
	"ImageType": ["ORIGINAL", "PRIMARY", "M", "ND"],
	"NonlinearGradientCorrection": false,
	"SeriesNumber": 3,
	"AcquisitionTime": "12:17:0.080000",
	"AcquisitionNumber": 1,
	"SliceThickness": 0.6,
	"SAR": 0.000603096,
	"EchoTime": 0.00345,
	"RepetitionTime": 2.16,
	"FlipAngle": 4,
	"PartialFourier": 0.75,
	"BaseResolution": 384,
	"ShimSetting": [
		-48,
		63,
		180,
		2812,
		-8,
		202,
		-65,
		25	],
	"TxRefAmp": 50,
	"PhaseResolution": 1,
	"ReceiveCoilName": "Olmanator_32",
	"CoilString": "C:O32",
	"PulseSequenceDetails": "%CustomerSeq%\\eja_tfl",
	"RefLinesPE": 64,
	"CoilCombinationMethod": "Sum of Squares",
	"MatrixCoilMode": "GRAPPA",
	"PercentPhaseFOV": 100,
	"PercentSampling": 100,
	"PhaseEncodingSteps": 289,
	"AcquisitionMatrixPE": 384,
	"ReconMatrixPE": 384,
	"ParallelReductionFactorInPlane": 3,
	"PixelBandwidth": 200,
	"DwellTime": 6.5e-06,
	"ImageOrientationPatientDICOM": [
		0,
		1,
		0,
		0,
		0,
		-1	],
	"ImageOrientationText": "Sag",
	"InPlanePhaseEncodingDirectionDICOM": "ROW",
	"ConversionSoftware": "dcm2niix",
	"ConversionSoftwareVersion": "v1.0.20230411"
}
