{
    "Modality": "MR",
    "MagneticFieldStrength": 6.98,
    "ImagingFrequency": 296.604035,
    "Manufacturer": "Siemens",
    "ManufacturersModelName": "Investigational_Device_7T",
    "InstitutionName": "CMRR 7T/PS",
    "InstitutionalDepartmentName": "CMRR",
    "InstitutionAddress": "6th Street SE 2021,Minneapolis/23c034/,Chicago,US,55455",
    "DeviceSerialNumber": "18912",
    "StationName": "SEPTET",
    "PatientPosition": "HFS",
    "ProcedureStepDescription": "Michelle^auditory",
    "SoftwareVersions": "syngo MR B17",
    "MRAcquisitionType": "3D",
    "SeriesDescription": "Slab00_Echo00_Mag_CombinedCoils",
    "ProtocolName": "pgrs3d_ey_v15_ipat1_centric_noFS_run7",
    "ScanningSequence": "RM",
    "SequenceVariant": "SK",
    "ScanOptions": "SAT1",
    "SequenceName": "grs3d3d1_280",
    "ImageType": [
        "ORIGINAL",
        "PRIMARY",
        "M",
        "ND",
        "SLAB",
        "00",
        "MOSAIC"
    ],
    "NonlinearGradientCorrection": false,
    "SeriesNumber": 22,
    "AcquisitionTime": "18:18:8.975000",
    "AcquisitionNumber": 1,
    "ImageComments": "E00_Com",
    "SliceThickness": 0.8,
    "SpacingBetweenSlices": 0.8,
    "SAR": 0.01191,
    "EchoTime": 0.02793,
    "RepetitionTime": 2,
    "FlipAngle": 180,
    "PartialFourier": 1,
    "BaseResolution": 250,
    "ShimSetting": [
        -135,
        55,
        84,
        1718,
        128,
        -19,
        -328,
        71
    ],
    "TxRefAmp": 50,
    "PhaseResolution": 1,
    "ReceiveCoilName": "Olmanator_32",
    "CoilString": "C:O32",
    "PulseSequenceDetails": "%CustomerSeq%\\pgrs3d_ey_v15",
    "CoilCombinationMethod": "Adaptive Combine",
    "MatrixCoilMode": "SENSE",
    "PercentPhaseFOV": 11.2,
    "PercentSampling": 100,
    "PhaseEncodingSteps": 28,
    "AcquisitionMatrixPE": 28,
    "ReconMatrixPE": 28,
    "PixelBandwidth": 1538,
    "DwellTime": 1.3e-06,
    "ImageOrientationPatientDICOM": [
        1,
        -1e-16,
        0,
        1e-16,
        0.820152,
        0.572146
    ],
    "ImageOrientationText": "Tra>Cor(34.9)",
    "InPlanePhaseEncodingDirectionDICOM": "COL",
    "ConversionSoftware": "dcm2niix",
    "ConversionSoftwareVersion": "v1.0.20230411",
    "TaskName": "auditory"
}