{
    "Modality": "MR",
    "MagneticFieldStrength": 6.98,
    "ImagingFrequency": 296.610542,
    "Manufacturer": "Siemens",
    "ManufacturersModelName": "Investigational_Device_7T",
    "InstitutionName": "CMRR 7T/PS",
    "InstitutionalDepartmentName": "CMRR",
    "InstitutionAddress": "6th Street SE 2021,Minneapolis/23c034/,Chicago,US,55455",
    "DeviceSerialNumber": "18912",
    "StationName": "SEPTET",
    "PatientPosition": "HFS",
    "ProcedureStepDescription": "Michelle^auditory",
    "SoftwareVersions": "syngo MR B17",
    "MRAcquisitionType": "2D",
    "SeriesDescription": "eja_ep2d_bold_pt8mm_ipat3_mb2_AP_run12_SBRef",
    "ProtocolName": "eja_ep2d_bold_pt8mm_ipat3_mb2_AP_run12",
    "ScanningSequence": "EP",
    "SequenceVariant": "SK\\SS",
    "ScanOptions": "PFP\\FS",
    "SequenceName": "epfid2d1_232",
    "ImageType": [
        "ORIGINAL",
        "PRIMARY",
        "M",
        "ND",
        "MOSAIC"
    ],
    "NonlinearGradientCorrection": false,
    "SeriesNumber": 32,
    "AcquisitionTime": "11:30:47.107500",
    "AcquisitionNumber": 1,
    "ImageComments": "Single-band reference",
    "SliceThickness": 0.8,
    "SpacingBetweenSlices": 0.8,
    "SAR": 0.00342154,
    "EchoTime": 0.0228,
    "RepetitionTime": 2.4,
    "FlipAngle": 74,
    "PartialFourier": 0.75,
    "BaseResolution": 256,
    "ShimSetting": [
        -154,
        138,
        262,
        2031,
        203,
        -341,
        -123,
        53
    ],
    "DelayTime": 1.2,
    "TxRefAmp": 60,
    "PhaseResolution": 1,
    "ReceiveCoilName": "Olmanator_32",
    "CoilString": "C:O32",
    "PulseSequenceDetails": "%CustomerSeq%\\eja_ep2d_bold",
    "RefLinesPE": 114,
    "CoilCombinationMethod": "Sum of Squares",
    "MatrixCoilMode": "GRAPPA",
    "PercentPhaseFOV": 90.625,
    "PercentSampling": 100,
    "PhaseEncodingSteps": 173,
    "AcquisitionMatrixPE": 232,
    "ReconMatrixPE": 232,
    "BandwidthPerPixelPhaseEncode": 15.964,
    "ParallelReductionFactorInPlane": 3,
    "EffectiveEchoSpacing": 0.000270004,
    "DerivedVendorReportedEchoSpacing": 0.000810012,
    "TotalReadoutTime": 0.0623709,
    "PixelBandwidth": 1502,
    "DwellTime": 1.3e-06,
    "PhaseEncodingDirection": "j-",
    "SliceTiming": [
        1.205,
        0,
        1.2725,
        0.0675,
        1.34,
        0.135,
        1.405,
        0.2,
        1.4725,
        0.2675,
        1.54,
        0.335,
        1.6075,
        0.4025,
        1.6725,
        0.47,
        1.74,
        0.535,
        1.8075,
        0.6025,
        1.875,
        0.67,
        1.9425,
        0.7375,
        2.0075,
        0.8025,
        2.075,
        0.87,
        2.1425,
        0.9375,
        2.21,
        1.005,
        2.275,
        1.0725,
        2.3425,
        1.1375
    ],
    "ImageOrientationPatientDICOM": [
        0.999614,
        -0.00261701,
        -0.0276743,
        6.75845e-09,
        0.995559,
        -0.0941447
    ],
    "ImageOrientationText": "Tra>Cor(-5.4)>Sag(-1.6)",
    "InPlanePhaseEncodingDirectionDICOM": "COL",
    "ConversionSoftware": "dcm2niix",
    "ConversionSoftwareVersion": "v1.0.20230411",
    "TaskName": "auditory"
}