{
    "Modality": "MR",
    "MagneticFieldStrength": 6.98,
    "ImagingFrequency": 296.606182,
    "Manufacturer": "Siemens",
    "ManufacturersModelName": "Investigational_Device_7T",
    "InstitutionName": "CMRR 7T/PS",
    "InstitutionalDepartmentName": "CMRR",
    "InstitutionAddress": "6th Street SE 2021,Minneapolis/23c034/,Chicago,US,55455",
    "DeviceSerialNumber": "18912",
    "StationName": "SEPTET",
    "PatientPosition": "HFS",
    "ProcedureStepDescription": "Michelle^auditory",
    "SoftwareVersions": "syngo MR B17",
    "MRAcquisitionType": "2D",
    "SeriesDescription": "eja_ep2d_bold_pt8mm_ipat3_mb2_AP_run9_SBRef",
    "ProtocolName": "eja_ep2d_bold_pt8mm_ipat3_mb2_AP_run9",
    "ScanningSequence": "EP",
    "SequenceVariant": "SK\\SS",
    "ScanOptions": "PFP\\FS",
    "SequenceName": "epfid2d1_232",
    "ImageType": [
        "ORIGINAL",
        "PRIMARY",
        "M",
        "ND",
        "MOSAIC"
    ],
    "NonlinearGradientCorrection": false,
    "SeriesNumber": 23,
    "AcquisitionTime": "11:16:7.895000",
    "AcquisitionNumber": 1,
    "ImageComments": "Single-band reference",
    "SliceThickness": 0.8,
    "SpacingBetweenSlices": 0.8,
    "SAR": 0.005406,
    "EchoTime": 0.0228,
    "RepetitionTime": 2.4,
    "FlipAngle": 90,
    "PartialFourier": 0.75,
    "BaseResolution": 256,
    "ShimSetting": [
        -80,
        62,
        78,
        2038,
        94,
        -24,
        -36,
        -18
    ],
    "DelayTime": 1.2,
    "TxRefAmp": 55,
    "PhaseResolution": 1,
    "ReceiveCoilName": "Olmanator_32",
    "CoilString": "C:O32",
    "PulseSequenceDetails": "%CustomerSeq%\\eja_ep2d_bold",
    "RefLinesPE": 48,
    "CoilCombinationMethod": "Sum of Squares",
    "MatrixCoilMode": "GRAPPA",
    "PercentPhaseFOV": 90.625,
    "PercentSampling": 100,
    "PhaseEncodingSteps": 173,
    "AcquisitionMatrixPE": 232,
    "ReconMatrixPE": 232,
    "BandwidthPerPixelPhaseEncode": 15.964,
    "ParallelReductionFactorInPlane": 3,
    "EffectiveEchoSpacing": 0.000270004,
    "DerivedVendorReportedEchoSpacing": 0.000810012,
    "TotalReadoutTime": 0.0623709,
    "PixelBandwidth": 1502,
    "DwellTime": 1.3e-06,
    "PhaseEncodingDirection": "j-",
    "SliceTiming": [
        0,
        0.87,
        0.535,
        0.2,
        1.07,
        0.735,
        0.4,
        0.065,
        0.935,
        0.6025,
        0.2675,
        1.1375,
        0.8025,
        0.4675,
        0.1325,
        1.0025,
        0.6675,
        0.3325,
        2.4075,
        3.2775,
        2.945,
        2.61,
        3.48,
        3.145,
        2.81,
        2.475,
        3.345,
        3.01,
        2.6775,
        3.5475,
        3.2125,
        2.8775,
        2.5425,
        3.4125,
        3.0775,
        2.7425
    ],
    "ImageOrientationPatientDICOM": [
        1,
        0,
        0,
        0,
        0.999263,
        -0.0383878
    ],
    "ImageOrientationText": "Tra>Cor(-2.2)",
    "InPlanePhaseEncodingDirectionDICOM": "COL",
    "ConversionSoftware": "dcm2niix",
    "ConversionSoftwareVersion": "v1.0.20230411",
    "TaskName": "auditory"
}