{
	"Modality": "MR",
	"MagneticFieldStrength": 6.98,
	"ImagingFrequency": 296.610542,
	"Manufacturer": "Siemens",
	"ManufacturersModelName": "Investigational_Device_7T",
	"InstitutionName": "CMRR 7T/PS",
	"InstitutionalDepartmentName": "CMRR",
	"InstitutionAddress": "6th Street SE 2021,Minneapolis/23c034/,Chicago,US,55455",
	"DeviceSerialNumber": "18912",
	"StationName": "SEPTET",
	"PatientPosition": "HFS",
	"ProcedureStepDescription": "Michelle^auditory",
	"SoftwareVersions": "syngo MR B17",
	"MRAcquisitionType": "3D",
	"SeriesDescription": "eja_tfl_1contrast_1iso",
	"ProtocolName": "eja_tfl_1contrast_1iso",
	"ScanningSequence": "GR\\IR",
	"SequenceVariant": "SP\\MP",
	"ScanOptions": "IR\\PFP",
	"SequenceName": "tfl3d1_ns",
	"ImageType": ["ORIGINAL", "PRIMARY", "M", "ND"],
	"NonlinearGradientCorrection": false,
	"SeriesNumber": 3,
	"AcquisitionTime": "10:00:7.710000",
	"AcquisitionNumber": 1,
	"SliceThickness": 1,
	"SAR": 0.00188814,
	"EchoTime": 0.00429,
	"RepetitionTime": 2.5,
	"InversionTime": 1.5,
	"FlipAngle": 4,
	"PartialFourier": 0.75,
	"BaseResolution": 256,
	"ShimSetting": [
		-154,
		138,
		262,
		2031,
		203,
		-341,
		-123,
		53	],
	"TxRefAmp": 60,
	"PhaseResolution": 1,
	"ReceiveCoilName": "Olmanator_32",
	"CoilString": "C:O32",
	"PulseSequenceDetails": "%CustomerSeq%\\eja_tfl",
	"RefLinesPE": 64,
	"CoilCombinationMethod": "Sum of Squares",
	"MatrixCoilMode": "GRAPPA",
	"PercentPhaseFOV": 100,
	"PercentSampling": 100,
	"PhaseEncodingSteps": 191,
	"AcquisitionMatrixPE": 256,
	"ReconMatrixPE": 256,
	"ParallelReductionFactorInPlane": 2,
	"PixelBandwidth": 140,
	"DwellTime": 1.4e-05,
	"ImageOrientationPatientDICOM": [
		0,
		1,
		0,
		0,
		0,
		-1	],
	"ImageOrientationText": "Sag",
	"InPlanePhaseEncodingDirectionDICOM": "ROW",
	"ConversionSoftware": "dcm2niix",
	"ConversionSoftwareVersion": "v1.0.20230411"
}
