{
	"Modality": "MR",
	"MagneticFieldStrength": 6.98,
	"ImagingFrequency": 296.606182,
	"Manufacturer": "Siemens",
	"ManufacturersModelName": "Investigational_Device_7T",
	"InstitutionName": "CMRR 7T/PS",
	"InstitutionalDepartmentName": "CMRR",
	"InstitutionAddress": "6th Street SE 2021,Minneapolis/23c034/,Chicago,US,55455",
	"DeviceSerialNumber": "18912",
	"StationName": "SEPTET",
	"PatientPosition": "HFS",
	"ProcedureStepDescription": "Michelle^auditory",
	"SoftwareVersions": "syngo MR B17",
	"MRAcquisitionType": "2D",
	"SeriesDescription": "gre_field_mapping_AP",
	"ProtocolName": "gre_field_mapping_AP",
	"ScanningSequence": "GR",
	"SequenceVariant": "SP",
	"ScanOptions": "PFP",
	"SequenceName": "fm2d2r",
	"ImageType": ["ORIGINAL", "PRIMARY", "M", "ND"],
	"NonlinearGradientCorrection": false,
	"SeriesNumber": 31,
	"AcquisitionTime": "11:41:56.845000",
	"AcquisitionNumber": 1,
	"SliceThickness": 2,
	"SpacingBetweenSlices": 2,
	"SAR": 0.00579309,
	"EchoNumber": 2,
	"EchoTime": 0.0051,
	"RepetitionTime": 1,
	"FlipAngle": 53,
	"PartialFourier": 0.75,
	"BaseResolution": 104,
	"ShimSetting": [
		-80,
		62,
		78,
		2038,
		94,
		-24,
		-36,
		-18	],
	"TxRefAmp": 55,
	"PhaseResolution": 1,
	"ReceiveCoilName": "Olmanator_32",
	"CoilString": "C:O32",
	"PulseSequenceDetails": "%SiemensSeq%\\gre_field_mapping",
	"CoilCombinationMethod": "Adaptive Combine",
	"MatrixCoilMode": "SENSE",
	"PercentPhaseFOV": 100,
	"PercentSampling": 100,
	"PhaseEncodingSteps": 78,
	"AcquisitionMatrixPE": 104,
	"ReconMatrixPE": 104,
	"PixelBandwidth": 332,
	"DwellTime": 1.45e-05,
	"PhaseEncodingDirection": "j-",
	"SliceTiming": [
		0,
		0.50781,
		0.01562,
		0.53125,
		0.03125,
		0.54688,
		0.05469,
		0.5625,
		0.0625,
		0.57812,
		0.07812,
		0.59375,
		0.10156,
		0.60938,
		0.11719,
		0.625,
		0.125,
		0.64062,
		0.14844,
		0.65625,
		0.16406,
		0.67188,
		0.17969,
		0.6875,
		0.19531,
		0.70312,
		0.21094,
		0.71875,
		0.22656,
		0.73438,
		0.24219,
		0.75,
		0.25781,
		0.76562,
		0.27344,
		0.78125,
		0.28906,
		0.79688,
		0.30469,
		0.8125,
		0.32031,
		0.82812,
		0.33594,
		0.84375,
		0.35156,
		0.86719,
		0.36719,
		0.875,
		0.38281,
		0.89062,
		0.39844,
		0.91406,
		0.41406,
		0.92969,
		0.42969,
		0.9375,
		0.44531,
		0.96094,
		0.46094,
		0.97656,
		0.48438,
		0.99219,
		0.5	],
	"ImageOrientationPatientDICOM": [
		1,
		0,
		0,
		0,
		0.999263,
		-0.0383878	],
	"ImageOrientationText": "Tra>Cor(-2.2)",
	"InPlanePhaseEncodingDirectionDICOM": "COL",
	"ConversionSoftware": "dcm2niix",
	"ConversionSoftwareVersion": "v1.0.20230411"
}
