{
	"Modality": "MR",
	"MagneticFieldStrength": 6.98,
	"ImagingFrequency": 296.606182,
	"Manufacturer": "Siemens",
	"ManufacturersModelName": "Investigational_Device_7T",
	"InstitutionName": "CMRR 7T/PS",
	"InstitutionalDepartmentName": "CMRR",
	"InstitutionAddress": "6th Street SE 2021,Minneapolis/23c034/,Chicago,US,55455",
	"DeviceSerialNumber": "18912",
	"StationName": "SEPTET",
	"PatientPosition": "HFS",
	"ProcedureStepDescription": "Michelle^auditory",
	"SoftwareVersions": "syngo MR B17",
	"MRAcquisitionType": "2D",
	"SeriesDescription": "gre_field_mapping_AP",
	"ProtocolName": "gre_field_mapping_AP",
	"ScanningSequence": "GR",
	"SequenceVariant": "SP",
	"ScanOptions": "PFP",
	"SequenceName": "fm2d2r",
	"ImageType": ["ORIGINAL", "PRIMARY", "M", "ND"],
	"NonlinearGradientCorrection": false,
	"SeriesNumber": 31,
	"AcquisitionTime": "11:41:55.840000",
	"AcquisitionNumber": 1,
	"SliceThickness": 2,
	"SpacingBetweenSlices": 2,
	"SAR": 0.00579309,
	"EchoNumber": 1,
	"EchoTime": 0.00408,
	"RepetitionTime": 1,
	"FlipAngle": 53,
	"PartialFourier": 0.75,
	"BaseResolution": 104,
	"ShimSetting": [
		-80,
		62,
		78,
		2038,
		94,
		-24,
		-36,
		-18	],
	"TxRefAmp": 55,
	"PhaseResolution": 1,
	"ReceiveCoilName": "Olmanator_32",
	"CoilString": "C:O32",
	"PulseSequenceDetails": "%SiemensSeq%\\gre_field_mapping",
	"CoilCombinationMethod": "Adaptive Combine",
	"MatrixCoilMode": "SENSE",
	"PercentPhaseFOV": 100,
	"PercentSampling": 100,
	"PhaseEncodingSteps": 78,
	"AcquisitionMatrixPE": 104,
	"ReconMatrixPE": 104,
	"PixelBandwidth": 332,
	"DwellTime": 1.45e-05,
	"PhaseEncodingDirection": "j-",
	"SliceTiming": [
		0,
		0.50781,
		0.01562,
		0.52344,
		0.03125,
		0.53906,
		0.04688,
		0.55469,
		0.0625,
		0.57031,
		0.07812,
		0.58594,
		0.09375,
		0.60156,
		0.10938,
		0.61719,
		0.125,
		0.63281,
		0.14062,
		0.64844,
		0.15625,
		0.66406,
		0.17188,
		0.67969,
		0.1875,
		0.69531,
		0.20312,
		0.71094,
		0.21875,
		0.73438,
		0.23438,
		0.75,
		0.25,
		0.75781,
		0.26562,
		0.78125,
		0.28125,
		0.79688,
		0.29688,
		0.8125,
		0.3125,
		0.82812,
		0.32812,
		0.84375,
		0.35156,
		0.85938,
		0.36719,
		0.875,
		0.375,
		0.89062,
		0.39844,
		0.90625,
		0.41406,
		0.92188,
		0.42969,
		0.9375,
		0.44531,
		0.95312,
		0.46094,
		0.96875,
		0.47656,
		0.98438,
		0.49219	],
	"ImageOrientationPatientDICOM": [
		1,
		0,
		0,
		0,
		0.999263,
		-0.0383878	],
	"ImageOrientationText": "Tra>Cor(-2.2)",
	"InPlanePhaseEncodingDirectionDICOM": "COL",
	"ConversionSoftware": "dcm2niix",
	"ConversionSoftwareVersion": "v1.0.20230411"
}
