{
	"Modality": "MR",
	"MagneticFieldStrength": 6.98,
	"ImagingFrequency": 296.609094,
	"Manufacturer": "Siemens",
	"ManufacturersModelName": "Investigational_Device_7T",
	"InstitutionName": "CMRR 7T/PS",
	"InstitutionalDepartmentName": "CMRR",
	"InstitutionAddress": "6th Street SE 2021,Minneapolis/23c034/,Chicago,US,55455",
	"DeviceSerialNumber": "18912",
	"StationName": "SEPTET",
	"PatientPosition": "HFS",
	"ProcedureStepDescription": "Michelle^auditory",
	"SoftwareVersions": "syngo MR B17",
	"MRAcquisitionType": "3D",
	"SeriesDescription": "eja_tfl_t2star_pt6iso",
	"ProtocolName": "eja_tfl_t2star_pt6iso",
	"ScanningSequence": "GR",
	"SequenceVariant": "SP",
	"ScanOptions": "PFP",
	"SequenceName": "tfl3d1",
	"ImageType": ["ORIGINAL", "PRIMARY", "M", "ND"],
	"NonlinearGradientCorrection": false,
	"SeriesNumber": 5,
	"AcquisitionTime": "17:19:17.195000",
	"AcquisitionNumber": 1,
	"SliceThickness": 0.6,
	"SAR": 0.00011648,
	"EchoTime": 0.016,
	"RepetitionTime": 3.7,
	"FlipAngle": 4,
	"PartialFourier": 0.75,
	"BaseResolution": 384,
	"ShimSetting": [
		-55,
		207,
		96,
		1950,
		158,
		172,
		-87,
		-68	],
	"TxRefAmp": 50,
	"PhaseResolution": 1,
	"ReceiveCoilName": "Olmanator_32",
	"CoilString": "C:O32",
	"PulseSequenceDetails": "%CustomerSeq%\\eja_tfl_t2star",
	"RefLinesPE": 64,
	"CoilCombinationMethod": "Adaptive Combine",
	"MatrixCoilMode": "GRAPPA",
	"PercentPhaseFOV": 100,
	"PercentSampling": 100,
	"PhaseEncodingSteps": 289,
	"AcquisitionMatrixPE": 384,
	"ReconMatrixPE": 384,
	"ParallelReductionFactorInPlane": 3,
	"PixelBandwidth": 465,
	"DwellTime": 2.8e-06,
	"ImageOrientationPatientDICOM": [
		0,
		1,
		0,
		0,
		0,
		-1	],
	"ImageOrientationText": "Sag",
	"InPlanePhaseEncodingDirectionDICOM": "ROW",
	"ConversionSoftware": "dcm2niix",
	"ConversionSoftwareVersion": "v1.0.20230411"
}
